GEM
  remote: https://rubygems.org/
  specs:
    dalli (2.7.10)
    redis (4.1.2)
    sorbet (0.4.4679)
      sorbet-static (= 0.4.4679)
    sorbet-runtime (0.4.4679)
    sorbet-static (0.4.4679-universal-darwin-14)

PLATFORMS
  ruby

DEPENDENCIES
  dalli
  redis
  sorbet
  sorbet-runtime

RUBY VERSION
   ruby 2.5.5p157

BUNDLED WITH
   2.0.2
