GEM
  remote: https://rubygems.org/
  specs:
    sorbet (0.4.4821)
      sorbet-static (= 0.4.4821)
    sorbet-runtime (0.4.4821)
    sorbet-static (0.4.4821-universal-darwin-14)

PLATFORMS
  ruby

DEPENDENCIES
  sorbet
  sorbet-runtime

RUBY VERSION
   ruby 2.5.7p206

BUNDLED WITH
   1.17.3
